GEM
  remote: https://rubygems.org/
  specs:
    sora_geocoding (0.1.0)

PLATFORMS
  ruby

DEPENDENCIES
  sora_geocoding

BUNDLED WITH
   2.0.2
